PATH
  remote: .
  specs:
    brcobranca (6.1.11)
      activerecord (>= 2.3, < 3.2)
      i18n (>= 0.5, <= 0.6.11)
      parseline (~> 1.0.3)
      rack-cache (< 1.3)
      rghost (~> 0.9)
      rghost_barcode (~> 0.9)
      unidecoder (>= 1.1.2)

GEM
  remote: https://rubygems.org/
  specs:
    activemodel (3.1.12)
      activesupport (= 3.1.12)
      builder (~> 3.0.0)
      i18n (~> 0.6)
    activerecord (3.1.12)
      activemodel (= 3.1.12)
      activesupport (= 3.1.12)
      arel (~> 2.2.3)
      tzinfo (~> 0.3.29)
    activesupport (3.1.12)
      multi_json (~> 1.0)
    appraisal (2.1.0)
      bundler
      rake
      thor (>= 0.14.0)
    arel (2.2.3)
    builder (3.0.4)
    coderay (1.1.0)
    diff-lcs (1.2.5)
    i18n (0.6.11)
    method_source (0.8.2)
    multi_json (1.12.1)
    parseline (1.0.3)
    pry (0.9.12.6)
      coderay (~> 1.0)
      method_source (~> 0.8)
      slop (~> 3.4)
    rack (1.6.4)
    rack-cache (1.2)
      rack (>= 0.4)
    rake (10.5.0)
    rghost (0.9.6)
    rghost_barcode (0.9)
    rspec (3.4.0)
      rspec-core (~> 3.4.0)
      rspec-expectations (~> 3.4.0)
      rspec-mocks (~> 3.4.0)
    rspec-core (3.4.2)
      rspec-support (~> 3.4.0)
    rspec-expectations (3.4.0)
      diff-lcs (>= 1.2.0, < 2.0)
      rspec-support (~> 3.4.0)
    rspec-mocks (3.4.1)
      diff-lcs (>= 1.2.0, < 2.0)
      rspec-support (~> 3.4.0)
    rspec-support (3.4.1)
    ruby18_source_location (0.2)
    slop (3.6.0)
    thor (0.19.1)
    timecop (0.6.1)
    tzinfo (0.3.51)
    unidecoder (1.1.2)

PLATFORMS
  ruby

DEPENDENCIES
  appraisal
  brcobranca!
  pry (~> 0.9.12)
  rack (= 1.6.4)
  rake (~> 10)
  rspec
  ruby18_source_location
  timecop (= 0.6.1)

BUNDLED WITH
   1.12.5
