PATH
  remote: .
  specs:
    brcobranca (6.1.11)
      parseline (~> 1.0.3)
      rghost (~> 0.9)
      rghost_barcode (~> 0.9)
      unidecoder (>= 1.1.2)

GEM
  remote: https://rubygems.org/
  specs:
    coderay (1.1.0)
    diff-lcs (1.2.5)
    method_source (0.8.2)
    parseline (1.0.3)
    pry (0.10.3)
      coderay (~> 1.1.0)
      method_source (~> 0.8.1)
      slop (~> 3.4)
    rake (10.5.0)
    rghost (0.9.6)
    rghost_barcode (0.9)
    rspec (3.4.0)
      rspec-core (~> 3.4.0)
      rspec-expectations (~> 3.4.0)
      rspec-mocks (~> 3.4.0)
    rspec-core (3.4.2)
      rspec-support (~> 3.4.0)
    rspec-expectations (3.4.0)
      diff-lcs (>= 1.2.0, < 2.0)
      rspec-support (~> 3.4.0)
    rspec-mocks (3.4.1)
      diff-lcs (>= 1.2.0, < 2.0)
      rspec-support (~> 3.4.0)
    rspec-support (3.4.1)
    slop (3.6.0)
    timecop (0.6.1)
    unidecoder (1.1.2)

PLATFORMS
  ruby

DEPENDENCIES
  brcobranca!
  pry (~> 0.10.0)
  rake
  rspec
  timecop (= 0.6.1)

BUNDLED WITH
   1.10.6
